PATH
  remote: ../..
  specs:
    hamlit (0.0.1)
      temple
      thor

GEM
  remote: https://rubygems.org/
  specs:
    minitest (5.5.1)
    temple (0.7.5)
    thor (0.19.1)
    tilt (2.0.1)

PLATFORMS
  ruby

DEPENDENCIES
  hamlit!
  minitest
  tilt
